NUGET
  remote: https://vrvis.myget.org/F/aardvark_public
  specs:
    Aardvark.Application (2.2.2)
      Aardvark.Base.Incremental (>= 2.1.2 < 2.2.0)
      Aardvark.Base.Rendering (>= 2.2.2)
      FShade (>= 2.1.4 < 2.2.0)
    Aardvark.Application.WinForms (2.2.2)
      Aardvark.Application (>= 2.2.2)
      Aardvark.Base.Incremental (>= 2.1.2 < 2.2.0)
      Aardvark.Base.Rendering (>= 2.2.2)
      FShade (>= 2.1.4 < 2.2.0)
    Aardvark.Application.WinForms.GL (2.2.2)
      Aardvark.Application (>= 2.2.2)
      Aardvark.Application.WinForms (>= 2.2.2)
      Aardvark.Base.Incremental (>= 2.1.2 < 2.2.0)
      Aardvark.Base.Rendering (>= 2.2.2)
      Aardvark.Base.Runtime (>= 2.1.2 < 2.2.0)
      Aardvark.Rendering.GL (>= 2.2.2)
      FShade (>= 2.1.4 < 2.2.0)
    Aardvark.Base (2.1.2)
      DevILSharp (>= 0.0.11 < 0.1.0)
    Aardvark.Base.Essentials (2.1.2)
      Aardvark.Base (>= 2.1.2)
      Rx-Linq (>= 2.2.5 < 2.3.0)
      System.Collections.Immutable (>= 1.1.36 < 1.2.0)
    Aardvark.Base.FSharp (2.1.2)
      Aardvark.Base (>= 2.1.2)
      DevILSharp (>= 0.0.11 < 0.1.0)
      FSharp.Compiler.Service (>= 2.0.0.6 < 2.0.1)
    Aardvark.Base.Incremental (2.1.2)
      Aardvark.Base (>= 2.1.2)
      Aardvark.Base.Essentials (>= 2.1.2)
      Aardvark.Base.FSharp (>= 2.1.2)
      FsPickler.Json (>= 1.8.0 < 1.9.0)
      Rx-Core (>= 2.2.5 < 2.3.0)
      Rx-Linq (>= 2.2.5 < 2.3.0)
    Aardvark.Base.Rendering (2.2.2)
      Aardvark.Base.Incremental (>= 2.1.2 < 2.2.0)
      FShade (>= 2.1.4 < 2.2.0)
    Aardvark.Base.Runtime (2.1.2)
      Aardvark.Base (2.1.2)
      Aardvark.Base.Essentials (2.1.2)
      Aardvark.Base.FSharp (2.1.2)
      Aardvark.Base.Incremental (2.1.2)
    Aardvark.Rendering.GL (2.2.2)
      Aardvark.Base.Incremental (>= 2.1.2 < 2.2.0)
      Aardvark.Base.Rendering (>= 2.2.2)
      Aardvark.Base.Runtime (>= 2.1.2 < 2.2.0)
      FShade (>= 2.1.4 < 2.2.0)
      FSharp.Quotations.Evaluator (>= 1.0.6 < 1.1.0)
    Aardvark.Rendering.Interactive (2.2.2)
      Aardvark.Application (>= 2.2.2)
      Aardvark.Application.WinForms (>= 2.2.2)
      Aardvark.Application.WinForms.GL (>= 2.2.2)
      Aardvark.Base.Incremental (>= 2.1.2 < 2.2.0)
      Aardvark.Base.Rendering (>= 2.2.2)
      Aardvark.Base.Runtime (>= 2.1.2 < 2.2.0)
      Aardvark.Rendering.GL (>= 2.2.2)
      Aardvark.Rendering.NanoVg (>= 2.2.2)
      Aardvark.SceneGraph (>= 2.2.2)
      FShade (>= 2.1.4 < 2.2.0)
    Aardvark.Rendering.NanoVg (2.2.2)
      Aardvark.Base.Incremental (>= 2.1.2 < 2.2.0)
      Aardvark.Base.Rendering (>= 2.2.2)
      Aardvark.Base.Runtime (>= 2.1.2 < 2.2.0)
      Aardvark.Rendering.GL (>= 2.2.2)
      FShade (>= 2.1.4 < 2.2.0)
      FSharp.Quotations.Evaluator (>= 1.0.6 < 1.1.0)
      NanoVgSharp (>= 2.1.0 < 2.2.0)
    Aardvark.SceneGraph (2.2.2)
      Aardvark.Base.Incremental (>= 2.1.2 < 2.2.0)
      Aardvark.Base.Rendering (>= 2.2.2)
      FShade (>= 2.1.4 < 2.2.0)
    Aardvark.SceneGraph.IO (2.2.2)
      Aardvark.Base.Incremental (>= 2.1.2 < 2.2.0)
      Aardvark.Base.Rendering (>= 2.2.2)
      Aardvark.SceneGraph (>= 2.2.2)
      AssimpNet (>= 3.3.1 < 3.4.0)
      FShade (>= 2.1.4 < 2.2.0)
    FShade (2.1.4)
      Aardvark.Base (>= 2.1.0 < 2.2.0)
      Aardvark.Base.FSharp (>= 2.1.0 < 2.2.0)
    NanoVgSharp (2.1.0)
      Aardvark.Base (>= 2.1.0)
      Aardvark.Base.FSharp (>= 2.1.0)
      Aardvark.Base.Incremental (>= 2.1.0)
  remote: http://api.nuget.org/v3/index.json
  specs:
    AssimpNet (3.3.1)
    DevILSharp (0.0.13)
    FSharp.Compiler.Service (2.0.0.6)
    FSharp.Quotations.Evaluator (1.0.7)
    FsPickler (1.8.1)
    FsPickler.Json (1.8.1)
      FsPickler (1.8.1)
      Newtonsoft.Json (>= 6.0.5)
    Microsoft.CSharp (4.0.1) - framework: net10, net11
    Newtonsoft.Json (9.0.1)
      Microsoft.CSharp (>= 4.0.1) - framework: net10, net11
      System.Collections (>= 4.0.11) - framework: net10, net11
      System.Diagnostics.Debug (>= 4.0.11) - framework: net10, net11
      System.Dynamic.Runtime (>= 4.0.11) - framework: net10, net11
      System.Globalization (>= 4.0.11) - framework: net10, net11
      System.IO (>= 4.1.0) - framework: net10, net11
      System.Linq (>= 4.1.0) - framework: net10, net11
      System.Linq.Expressions (>= 4.1.0) - framework: net10, net11
      System.ObjectModel (>= 4.0.12) - framework: net10, net11
      System.Reflection (>= 4.1.0) - framework: net10, net11
      System.Reflection.Extensions (>= 4.0.1) - framework: net10, net11
      System.Resources.ResourceManager (>= 4.0.1) - framework: net10, net11
      System.Runtime (>= 4.1.0) - framework: net10, net11
      System.Runtime.Extensions (>= 4.1.0) - framework: net10, net11
      System.Runtime.Serialization.Primitives (>= 4.1.1) - framework: net10, net11
      System.Text.Encoding (>= 4.0.11) - framework: net10, net11
      System.Text.Encoding.Extensions (>= 4.0.11) - framework: net10, net11
      System.Text.RegularExpressions (>= 4.1.0) - framework: net10, net11
      System.Threading (>= 4.0.11) - framework: net10, net11
      System.Threading.Tasks (>= 4.0.11) - framework: net10, net11
      System.Xml.ReaderWriter (>= 4.0.11) - framework: net10, net11
      System.Xml.XDocument (>= 4.0.11) - framework: net10, net11
    Rx-Core (2.2.5)
      Rx-Interfaces (>= 2.2.5)
    Rx-Interfaces (2.2.5)
    Rx-Linq (2.2.5)
      Rx-Core (>= 2.2.5)
      Rx-Interfaces (>= 2.2.5)
    System.Collections (4.0.11) - framework: net10, net11, dnxcore50
    System.Collections.Immutable (1.1.37)
      System.Collections (>= 4.0.0) - framework: dnxcore50
      System.Diagnostics.Debug (>= 4.0.0) - framework: dnxcore50
      System.Globalization (>= 4.0.0) - framework: dnxcore50
      System.Linq (>= 4.0.0) - framework: dnxcore50
      System.Resources.ResourceManager (>= 4.0.0) - framework: dnxcore50
      System.Runtime (>= 4.0.0) - framework: dnxcore50
      System.Runtime.Extensions (>= 4.0.0) - framework: dnxcore50
      System.Threading (>= 4.0.0) - framework: dnxcore50
    System.Diagnostics.Debug (4.0.11) - framework: net10, net11, dnxcore50
    System.Dynamic.Runtime (4.0.11) - framework: net10, net11
      System.Reflection.Emit (>= 4.0.1) - framework: net10, net11, net20, net30, net35, net40, net40-full
      System.Reflection.Emit.ILGeneration (>= 4.0.1) - framework: net10, net11, net20, net30, net35, net40, net40-full
      System.Reflection.Primitives (>= 4.0.1) - framework: net10, net11, net20, net30, net35, net40, net40-full
    System.Globalization (4.0.11) - framework: net10, net11, dnxcore50
    System.IO (4.1.0) - framework: net10, net11
    System.Linq (4.1.0) - framework: net10, net11, dnxcore50
    System.Linq.Expressions (4.1.0) - framework: net10, net11
      System.ObjectModel (>= 4.0.12) - framework: net10, net11, net20, net30, net35, net40, net40-full
      System.Reflection.Emit (>= 4.0.1) - framework: net10, net11, net20, net30, net35, net40, net40-full
    System.ObjectModel (4.0.12) - framework: net10, net11
    System.Reflection (4.1.0) - framework: net10, net11
    System.Reflection.Emit (4.0.1) - framework: net10, net11
      System.IO (>= 4.1.0) - framework: net10, net11, net20, net30, net35, net40, net40-full
      System.Reflection (>= 4.1.0) - framework: net10, net11, net20, net30, net35, net40, net40-full
      System.Reflection.Primitives (>= 4.0.1) - framework: net10, net11, net20, net30, net35, net40, net40-full
      System.Runtime (>= 4.1.0) - framework: net10, net11, net20, net30, net35, net40, net40-full
    System.Reflection.Emit.ILGeneration (4.0.1) - framework: net10, net11
      System.Reflection (>= 4.1.0) - framework: net10, net11, net20, net30, net35, net40, net40-full
      System.Reflection.Primitives (>= 4.0.1) - framework: net10, net11, net20, net30, net35, net40, net40-full
      System.Runtime (>= 4.1.0) - framework: net10, net11, net20, net30, net35, net40, net40-full
    System.Reflection.Extensions (4.0.1) - framework: net10, net11
    System.Reflection.Primitives (4.0.1) - framework: net10, net11
    System.Resources.ResourceManager (4.0.1) - framework: net10, net11, dnxcore50
    System.Runtime (4.1.0) - framework: net10, net11, dnxcore50
    System.Runtime.Extensions (4.1.0) - framework: net10, net11, dnxcore50
    System.Runtime.Serialization.Primitives (4.1.1) - framework: net10, net11
    System.Text.Encoding (4.0.11) - framework: net10, net11
    System.Text.Encoding.Extensions (4.0.11) - framework: net10, net11
    System.Text.RegularExpressions (4.1.0) - framework: net10, net11
    System.Threading (4.0.11) - framework: net10, net11, dnxcore50
    System.Threading.Tasks (4.0.11) - framework: net10, net11
    System.Xml.ReaderWriter (4.0.11) - framework: net10, net11
    System.Xml.XDocument (4.0.11) - framework: net10, net11

GROUP Build
CONTENT: NONE
NUGET
  remote: http://api.nuget.org/v3/index.json
  specs:
    Chessie (0.5.1) - content: none
      FSharp.Core
    FAKE (4.17.1) - content: none
    FSharp.Core (4.0.0.1) - content: none
    Mono.Cecil (0.9.5.4) - content: none
    Newtonsoft.Json (8.0.3) - content: none
    SourceLink.Fake (1.1) - content: none
  remote: https://vrvis.myget.org/F/aardvark_public
  specs:
    Paket.Core.Temp (2.52.16) - content: none
      Chessie
      FSharp.Core
      Newtonsoft.Json
GITHUB
  remote: vrvis/Aardvark.Fake
  specs:
    FULLPROJECT (eb782182b4f3b4f468ca18a7dc79239912de012a)
      FAKE (>= 4.17.0 < 4.18.0)
      Mono.Cecil (>= 0.9.5.4 < 0.9.6.0)
      Paket.Core.Temp (>= 2.52.10 < 2.53.0)
      SourceLink.Fake (>= 1.1.0 < 1.2.0)