NUGET
  remote: https://vrvis.myget.org/F/aardvark_public
  specs:
    Aardvark.Application (2.6.1)
      Aardvark.Base.Incremental (>= 2.4.3 < 2.5.0)
      Aardvark.Base.Rendering (>= 2.6.1)
      FShade.Core (>= 2.3.4 < 2.4.0)
    Aardvark.Application.WinForms (2.6.1)
      Aardvark.Application (>= 2.6.1)
      Aardvark.Base.Incremental (>= 2.4.3 < 2.5.0)
      Aardvark.Base.Rendering (>= 2.6.1)
      FShade.Core (>= 2.3.4 < 2.4.0)
    Aardvark.Application.WinForms.GL (2.6.1)
      Aardvark.Application (>= 2.6.1)
      Aardvark.Application.WinForms (>= 2.6.1)
      Aardvark.Base.Incremental (>= 2.4.3 < 2.5.0)
      Aardvark.Base.Rendering (>= 2.6.1)
      Aardvark.Base.Runtime (>= 2.4.3 < 2.5.0)
      Aardvark.Rendering.GL (>= 2.6.1)
      FShade.Core (>= 2.3.4 < 2.4.0)
    Aardvark.Base (2.4.5)
      DevILSharp (>= 0.0.11 < 0.1.0)
    Aardvark.Base.Essentials (2.4.5)
      Aardvark.Base (>= 2.4.5)
      System.Collections.Immutable (>= 1.2.0 < 1.3.0)
      System.Reactive.Linq (>= 3.0.0 < 3.1.0)
    Aardvark.Base.FSharp (2.4.5)
      Aardvark.Base (>= 2.4.5)
      DevILSharp (>= 0.0.11 < 0.1.0)
    Aardvark.Base.Incremental (2.4.5)
      Aardvark.Base (>= 2.4.5)
      Aardvark.Base.Essentials (>= 2.4.5)
      Aardvark.Base.FSharp (>= 2.4.5)
      System.Reactive.Core (>= 3.0.0 < 3.1.0)
      System.Reactive.Interfaces (>= 3.0.0 < 3.1.0)
      System.Reactive.Linq (>= 3.0.0 < 3.1.0)
    Aardvark.Base.Rendering (2.6.1)
      Aardvark.Base.Incremental (>= 2.4.3 < 2.5.0)
      FShade.Core (>= 2.3.4 < 2.4.0)
    Aardvark.Base.Runtime (2.4.5)
      Aardvark.Base (>= 2.4.5)
      Aardvark.Base.Essentials (>= 2.4.5)
      Aardvark.Base.FSharp (>= 2.4.5)
      Aardvark.Base.Incremental (>= 2.4.5)
      System.Reactive.Core (>= 3.0.0 < 3.1.0)
      System.Reactive.Interfaces (>= 3.0.0 < 3.1.0)
      System.Reactive.Linq (>= 3.0.0 < 3.1.0)
    Aardvark.Rendering.GL (2.6.1)
      Aardvark.Base.Incremental (>= 2.4.3 < 2.5.0)
      Aardvark.Base.Rendering (>= 2.6.1)
      Aardvark.Base.Runtime (>= 2.4.3 < 2.5.0)
      FShade.Core (>= 2.3.4 < 2.4.0)
      FSharp.Quotations.Evaluator (>= 1.0.6 < 1.1.0)
    Aardvark.Rendering.Interactive (2.6.1)
      Aardvark.Application (>= 2.6.1)
      Aardvark.Application.WinForms (>= 2.6.1)
      Aardvark.Application.WinForms.GL (>= 2.6.1)
      Aardvark.Base.Incremental (>= 2.4.3 < 2.5.0)
      Aardvark.Base.Rendering (>= 2.6.1)
      Aardvark.Base.Runtime (>= 2.4.3 < 2.5.0)
      Aardvark.Rendering.GL (>= 2.6.1)
      Aardvark.Rendering.NanoVg (>= 2.6.1)
      Aardvark.SceneGraph (>= 2.6.1)
      Aardvark.SceneGraph.IO (>= 2.6.1)
      FShade.Core (>= 2.3.4 < 2.4.0)
    Aardvark.Rendering.NanoVg (2.6.1)
      Aardvark.Base.Incremental (>= 2.4.3 < 2.5.0)
      Aardvark.Base.Rendering (>= 2.6.1)
      Aardvark.Base.Runtime (>= 2.4.3 < 2.5.0)
      Aardvark.Rendering.GL (>= 2.6.1)
      FShade.Core (>= 2.3.4 < 2.4.0)
      FSharp.Quotations.Evaluator (>= 1.0.6 < 1.1.0)
      NanoVgSharp (>= 2.1.0 < 2.2.0)
    Aardvark.Rendering.Text (2.6.1)
      Aardvark.Base.Incremental (>= 2.4.3 < 2.5.0)
      Aardvark.Base.Rendering (>= 2.6.1)
      Aardvark.SceneGraph (>= 2.6.1)
      CommonMark.NET (>= 0.12.0 < 0.13.0)
      FShade.Core (>= 2.3.4 < 2.4.0)
    Aardvark.SceneGraph (2.6.1)
      Aardvark.Base.Incremental (>= 2.4.3 < 2.5.0)
      Aardvark.Base.Rendering (>= 2.6.1)
      FShade.Core (>= 2.3.4 < 2.4.0)
    Aardvark.SceneGraph.IO (2.6.1)
      Aardvark.Base.Incremental (>= 2.4.3 < 2.5.0)
      Aardvark.Base.Rendering (>= 2.6.1)
      Aardvark.SceneGraph (>= 2.6.1)
      AssimpNet (>= 3.3.1 < 3.4.0)
      FShade.Core (>= 2.3.4 < 2.4.0)
    FShade (2.3.5)
      FShade.Core (2.3.5)
      FShade.Debug (2.3.5)
    FShade.Core (2.3.5)
      Aardvark.Base (>= 2.4.0 < 2.5.0)
      Aardvark.Base.FSharp (>= 2.4.0 < 2.5.0)
    FShade.Debug (2.3.5)
      Aardvark.Base (>= 2.4.0 < 2.5.0)
      Aardvark.Base.FSharp (>= 2.4.0 < 2.5.0)
      FShade.Core (>= 2.3.5)
      FSharp.Compiler.Service (>= 6.0.2 < 6.1.0)
    NanoVgSharp (2.1.0)
      Aardvark.Base (>= 2.1.0)
      Aardvark.Base.FSharp (>= 2.1.0)
      Aardvark.Base.Incremental (>= 2.1.0)
  remote: http://api.nuget.org/v3/index.json
  specs:
    AssimpNet (3.3.1)
    BulletSharp (0.9.0)
    CommonMark.NET (0.12.0)
    DevILSharp (0.0.13)
    FSharp.Compiler.Service (6.0.2)
      System.Collections.Immutable (>= 1.2.0)
      System.Reflection.Metadata (>= 1.4.1-beta-24227-04)
    FSharp.Quotations.Evaluator (1.0.7)
    Microsoft.NETCore.Platforms (1.1.0) - framework: net10, net11, net20, net30, net35, net40, net40-full
    Microsoft.NETCore.Targets (1.1.0) - framework: net10, net11, net20, net30, net35, net40, net40-full
    runtime.native.System (4.3.0) - framework: net10, net11, net20, net30, net35, net40, net40-full
      Microsoft.NETCore.Platforms (>= 1.1.0)
      Microsoft.NETCore.Targets (>= 1.1.0)
    System.Collections (4.3.0) - framework: net10, net11, net20, net30, net35, net40, net40-full
    System.Collections.Concurrent (4.3.0) - framework: net10, net11, net20, net30, net35, net40, net40-full
      System.Reflection (>= 4.3.0) - framework: net10, net11, net20, net30, net35, net40, net40-full
    System.Collections.Immutable (1.2.0)
      System.Collections (>= 4.0.11) - framework: net10, net11, net20, net30, net35, net40, net40-full
      System.Diagnostics.Debug (>= 4.0.11) - framework: net10, net11, net20, net30, net35, net40, net40-full
      System.Globalization (>= 4.0.11) - framework: net10, net11, net20, net30, net35, net40, net40-full
      System.Linq (>= 4.1.0) - framework: net10, net11, net20, net30, net35, net40, net40-full
      System.Resources.ResourceManager (>= 4.0.1) - framework: net10, net11, net20, net30, net35, net40, net40-full
      System.Runtime (>= 4.1.0) - framework: net10, net11, net20, net30, net35, net40, net40-full
      System.Runtime.Extensions (>= 4.1.0) - framework: net10, net11, net20, net30, net35, net40, net40-full
      System.Threading (>= 4.0.11) - framework: net10, net11, net20, net30, net35, net40, net40-full
    System.ComponentModel (4.3.0) - framework: net10, net11, net20, net30, net35, net40, net40-full
    System.Diagnostics.Debug (4.3.0) - framework: net10, net11, net20, net30, net35, net40, net40-full
    System.Diagnostics.Tools (4.3.0) - framework: net10, net11, net20, net30, net35, net40, net40-full
    System.Dynamic.Runtime (4.3.0) - framework: net10, net11, net20, net30, net35, net40, net40-full
      System.Reflection.Emit (>= 4.3.0) - framework: net10, net11, net20, net30, net35, net40, net40-full
      System.Reflection.Emit.ILGeneration (>= 4.3.0) - framework: net10, net11, net20, net30, net35, net40, net40-full
      System.Reflection.Primitives (>= 4.3.0) - framework: net10, net11, net20, net30, net35, net40, net40-full
    System.Globalization (4.3.0) - framework: net10, net11, net20, net30, net35, net40, net40-full
    System.IO (4.3.0) - framework: net10, net11, net20, net30, net35, net40, net40-full
    System.IO.Compression (4.3.0) - framework: net10, net11, net20, net30, net35, net40, net40-full
      Microsoft.NETCore.Platforms (>= 1.1.0) - framework: net10, net11, net20, net30, net35, net40, net40-full
      runtime.native.System (>= 4.3.0) - framework: net10, net11, net20, net30, net35, net40, net40-full
    System.Linq (4.3.0) - framework: net10, net11, net20, net30, net35, net40, net40-full
    System.Linq.Expressions (4.3.0) - framework: net10, net11, net20, net30, net35, net40, net40-full
      System.ObjectModel (>= 4.3.0) - framework: net10, net11, net20, net30, net35, net40, net40-full
      System.Reflection.Emit (>= 4.3.0) - framework: net10, net11, net20, net30, net35, net40, net40-full
    System.ObjectModel (4.3.0) - framework: net10, net11, net20, net30, net35, net40, net40-full
    System.Reactive.Core (3.0.0)
      System.Collections (>= 4.0.11) - framework: net10, net11, net20, net30, net35, net40, net40-full
      System.Collections.Concurrent (>= 4.0.12) - framework: net10, net11, net20, net30, net35, net40, net40-full
      System.ComponentModel (>= 4.0.1) - framework: net10, net11, net20, net30, net35, net40, net40-full
      System.Diagnostics.Debug (>= 4.0.11) - framework: net10, net11, net20, net30, net35, net40, net40-full
      System.Diagnostics.Tools (>= 4.0.1) - framework: net10, net11, net20, net30, net35, net40, net40-full
      System.Dynamic.Runtime (>= 4.0.11) - framework: net10, net11, net20, net30, net35, net40, net40-full
      System.Globalization (>= 4.0.11) - framework: net10, net11, net20, net30, net35, net40, net40-full
      System.Linq (>= 4.1.0) - framework: net10, net11, net20, net30, net35, net40, net40-full
      System.Reactive.Interfaces (>= 3.0.0)
      System.Reflection (>= 4.1.0) - framework: net10, net11, net20, net30, net35, net40, net40-full
      System.Resources.ResourceManager (>= 4.0.1) - framework: net10, net11, net20, net30, net35, net40, net40-full
      System.Runtime (>= 4.1.0) - framework: net10, net11, net20, net30, net35, net40, net40-full
      System.Runtime.Extensions (>= 4.1.0) - framework: net10, net11, net20, net30, net35, net40, net40-full
      System.Threading (>= 4.0.11) - framework: net10, net11, net20, net30, net35, net40, net40-full
      System.Threading.Tasks (>= 4.0.11) - framework: net10, net11, net20, net30, net35, net40, net40-full
      System.Threading.Thread (>= 4.0.0) - framework: net10, net11, net20, net30, net35, net40, net40-full
      System.Threading.ThreadPool (>= 4.0.10) - framework: net10, net11, net20, net30, net35, net40, net40-full
      System.Threading.Timer (>= 4.0.1) - framework: net10, net11, net20, net30, net35, net40, net40-full
    System.Reactive.Interfaces (3.0.0)
      System.Linq.Expressions (>= 4.1.0) - framework: net10, net11, net20, net30, net35, net40, net40-full
      System.Resources.ResourceManager (>= 4.0.1) - framework: net10, net11, net20, net30, net35, net40, net40-full
      System.Runtime (>= 4.1.0) - framework: net10, net11, net20, net30, net35, net40, net40-full
    System.Reactive.Linq (3.0.0)
      System.Collections (>= 4.0.11) - framework: net10, net11, net20, net30, net35, net40, net40-full
      System.Collections.Concurrent (>= 4.0.12) - framework: net10, net11, net20, net30, net35, net40, net40-full
      System.ComponentModel (>= 4.0.1) - framework: net10, net11, net20, net30, net35, net40, net40-full
      System.Diagnostics.Debug (>= 4.0.11) - framework: net10, net11, net20, net30, net35, net40, net40-full
      System.Diagnostics.Tools (>= 4.0.1) - framework: net10, net11, net20, net30, net35, net40, net40-full
      System.Globalization (>= 4.0.11) - framework: net10, net11, net20, net30, net35, net40, net40-full
      System.Linq (>= 4.1.0) - framework: net10, net11, net20, net30, net35, net40, net40-full
      System.Reactive.Core (>= 3.0.0)
      System.Reactive.Interfaces (>= 3.0.0)
      System.Reflection (>= 4.1.0) - framework: net10, net11, net20, net30, net35, net40, net40-full
      System.Resources.ResourceManager (>= 4.0.1) - framework: net10, net11, net20, net30, net35, net40, net40-full
      System.Runtime (>= 4.1.0) - framework: net10, net11, net20, net30, net35, net40, net40-full
      System.Runtime.Extensions (>= 4.1.0) - framework: net10, net11, net20, net30, net35, net40, net40-full
      System.Runtime.InteropServices.WindowsRuntime (>= 4.0.1) - framework: net10, net11, net20, net30, net35, net40, net40-full
      System.Threading (>= 4.0.11) - framework: net10, net11, net20, net30, net35, net40, net40-full
      System.Threading.Tasks (>= 4.0.11) - framework: net10, net11, net20, net30, net35, net40, net40-full
    System.Reflection (4.3.0) - framework: net10, net11, net20, net30, net35, net40, net40-full
    System.Reflection.Emit (4.3.0) - framework: net10, net11, net20, net30, net35, net40, net40-full
      System.IO (>= 4.3.0) - framework: net10, net11, net20, net30, net35, net40, net40-full
      System.Reflection (>= 4.3.0) - framework: net10, net11, net20, net30, net35, net40, net40-full
      System.Reflection.Emit.ILGeneration (>= 4.3.0) - framework: net10, net11, net20, net30, net35, net40, net40-full
      System.Reflection.Primitives (>= 4.3.0) - framework: net10, net11, net20, net30, net35, net40, net40-full
      System.Runtime (>= 4.3.0) - framework: net10, net11, net20, net30, net35, net40, net40-full
    System.Reflection.Emit.ILGeneration (4.3.0) - framework: net10, net11, net20, net30, net35, net40, net40-full
      System.Reflection (>= 4.3.0) - framework: net10, net11, net20, net30, net35, net40, net40-full
      System.Reflection.Primitives (>= 4.3.0) - framework: net10, net11, net20, net30, net35, net40, net40-full
      System.Runtime (>= 4.3.0) - framework: net10, net11, net20, net30, net35, net40, net40-full
    System.Reflection.Extensions (4.3.0) - framework: net10, net11, net20, net30, net35, net40, net40-full
    System.Reflection.Metadata (1.4.1)
      System.Collections (>= 4.3.0) - framework: net10, net11, net20, net30, net35, net40, net40-full
      System.Collections.Immutable (>= 1.1.37) - framework: portable-net45+win8
      System.Collections.Immutable (>= 1.3.0) - framework: >= net45, monoandroid, monotouch, xamarinios, xamarinmac, winv4.5, wpv8.1
      System.Diagnostics.Debug (>= 4.3.0) - framework: net10, net11, net20, net30, net35, net40, net40-full
      System.IO (>= 4.3.0) - framework: net10, net11, net20, net30, net35, net40, net40-full
      System.IO.Compression (>= 4.3.0) - framework: net10, net11, net20, net30, net35, net40, net40-full
      System.Linq (>= 4.3.0) - framework: net10, net11, net20, net30, net35, net40, net40-full
      System.Reflection (>= 4.3.0) - framework: net10, net11, net20, net30, net35, net40, net40-full
      System.Reflection.Extensions (>= 4.3.0) - framework: net10, net11, net20, net30, net35, net40, net40-full
      System.Reflection.Primitives (>= 4.3.0) - framework: net10, net11, net20, net30, net35, net40, net40-full
      System.Resources.ResourceManager (>= 4.3.0) - framework: net10, net11, net20, net30, net35, net40, net40-full
      System.Runtime (>= 4.3.0) - framework: net10, net11, net20, net30, net35, net40, net40-full
      System.Runtime.Extensions (>= 4.3.0) - framework: net10, net11, net20, net30, net35, net40, net40-full
      System.Runtime.InteropServices (>= 4.3.0) - framework: net10, net11, net20, net30, net35, net40, net40-full
      System.Text.Encoding (>= 4.3.0) - framework: net10, net11, net20, net30, net35, net40, net40-full
      System.Text.Encoding.Extensions (>= 4.3.0) - framework: net10, net11, net20, net30, net35, net40, net40-full
      System.Threading (>= 4.3.0) - framework: net10, net11, net20, net30, net35, net40, net40-full
    System.Reflection.Primitives (4.3.0) - framework: net10, net11, net20, net30, net35, net40, net40-full
    System.Resources.ResourceManager (4.3.0) - framework: net10, net11, net20, net30, net35, net40, net40-full
    System.Runtime (4.3.0) - framework: net10, net11, net20, net30, net35, net40, net40-full
    System.Runtime.Extensions (4.3.0) - framework: net10, net11, net20, net30, net35, net40, net40-full
    System.Runtime.Handles (4.3.0) - framework: net10, net11, net20, net30, net35, net40, net40-full
      Microsoft.NETCore.Platforms (>= 1.1.0) - framework: net10, net11, net20, net30, net35, net40, net40-full, net45, net451, net452, net453
      Microsoft.NETCore.Targets (>= 1.1.0) - framework: net10, net11, net20, net30, net35, net40, net40-full, net45, net451, net452, net453
      System.Runtime (>= 4.3.0) - framework: net10, net11, net20, net30, net35, net40, net40-full, net45, net451, net452, net453
    System.Runtime.InteropServices (4.3.0) - framework: net10, net11, net20, net30, net35, net40, net40-full
    System.Runtime.InteropServices.WindowsRuntime (4.3.0) - framework: net10, net11, net20, net30, net35, net40, net40-full
    System.Text.Encoding (4.3.0) - framework: net10, net11, net20, net30, net35, net40, net40-full
    System.Text.Encoding.Extensions (4.3.0) - framework: net10, net11, net20, net30, net35, net40, net40-full
    System.Threading (4.3.0) - framework: net10, net11, net20, net30, net35, net40, net40-full
    System.Threading.Tasks (4.3.0) - framework: net10, net11, net20, net30, net35, net40, net40-full
    System.Threading.Thread (4.3.0) - framework: net10, net11, net20, net30, net35, net40, net40-full
      System.Runtime (>= 4.3.0) - framework: net10, net11, net20, net30, net35, net40, net40-full, net45, net451, net452, net453
    System.Threading.ThreadPool (4.3.0) - framework: net10, net11, net20, net30, net35, net40, net40-full
      System.Runtime (>= 4.3.0) - framework: net10, net11, net20, net30, net35, net40, net40-full, net45, net451, net452, net453
      System.Runtime.Handles (>= 4.3.0) - framework: net10, net11, net20, net30, net35, net40, net40-full, net45, net451, net452, net453
    System.Threading.Timer (4.3.0) - framework: net10, net11, net20, net30, net35, net40, net40-full

GROUP Build
CONTENT: NONE
NUGET
  remote: http://api.nuget.org/v3/index.json
  specs:
    Chessie (0.6.0) - content: none
      FSharp.Core
      FSharp.Core (>= 4.0.1.7-alpha)
      NETStandard.Library (>= 1.6.0)
    FAKE (4.17.1) - content: none
    FSharp.Core (4.0.1.7-alpha) - content: none
      Microsoft.NETCore.Platforms (>= 1.0.1)
      NETStandard.Library (>= 1.6.0)
      System.Linq.Expressions (>= 4.1.0)
      System.Linq.Queryable (>= 4.0.1)
      System.Net.Requests (>= 4.0.11)
      System.Reflection.Emit (>= 4.0.1)
      System.Reflection.TypeExtensions (>= 4.1.0)
      System.Runtime.Loader (>= 4.0.0)
      System.Threading.Tasks.Parallel (>= 4.0.1)
      System.Threading.Thread (>= 4.0.0)
      System.Threading.ThreadPool (>= 4.0.10)
    Microsoft.CSharp (4.0.1) - content: none, framework: net10, net11
    Microsoft.NETCore.Platforms (1.0.1) - content: none
    Microsoft.NETCore.Targets (1.0.1) - content: none, framework: net10, net11, net20, net30, net35, net40, net40-full, net45, net451, net452, net453, dnxcore50
    Microsoft.Win32.Primitives (4.0.1) - content: none
      Microsoft.NETCore.Platforms (>= 1.0.1) - framework: net10, net11, net20, net30, net35, net40, net40-full, net45, net451, net452, net453
      Microsoft.NETCore.Targets (>= 1.0.1) - framework: net10, net11, net20, net30, net35, net40, net40-full, net45, net451, net452, net453
      System.Runtime (>= 4.1.0) - framework: net10, net11, net20, net30, net35, net40, net40-full, net45, net451, net452, net453
    Mono.Cecil (0.9.5.4) - content: none
    NETStandard.Library (1.6.0) - content: none
      Microsoft.NETCore.Platforms (>= 1.0.1)
      Microsoft.Win32.Primitives (>= 4.0.1)
      System.AppContext (>= 4.1.0)
      System.Collections (>= 4.0.11)
      System.Collections.Concurrent (>= 4.0.12)
      System.Console (>= 4.0.0)
      System.Diagnostics.Debug (>= 4.0.11)
      System.Diagnostics.Tools (>= 4.0.1)
      System.Diagnostics.Tracing (>= 4.1.0)
      System.Globalization (>= 4.0.11)
      System.Globalization.Calendars (>= 4.0.1)
      System.IO (>= 4.1.0)
      System.IO.Compression (>= 4.1.0)
      System.IO.Compression.ZipFile (>= 4.0.1)
      System.IO.FileSystem (>= 4.0.1)
      System.IO.FileSystem.Primitives (>= 4.0.1)
      System.Linq (>= 4.1.0)
      System.Linq.Expressions (>= 4.1.0)
      System.Net.Http (>= 4.1.0)
      System.Net.Primitives (>= 4.0.11)
      System.Net.Sockets (>= 4.1.0)
      System.ObjectModel (>= 4.0.12)
      System.Reflection (>= 4.1.0)
      System.Reflection.Extensions (>= 4.0.1)
      System.Reflection.Primitives (>= 4.0.1)
      System.Resources.ResourceManager (>= 4.0.1)
      System.Runtime (>= 4.1.0)
      System.Runtime.Extensions (>= 4.1.0)
      System.Runtime.Handles (>= 4.0.1)
      System.Runtime.InteropServices (>= 4.1.0)
      System.Runtime.InteropServices.RuntimeInformation (>= 4.0.0)
      System.Runtime.Numerics (>= 4.0.1)
      System.Security.Cryptography.Algorithms (>= 4.2.0)
      System.Security.Cryptography.Encoding (>= 4.0.0)
      System.Security.Cryptography.Primitives (>= 4.0.0)
      System.Security.Cryptography.X509Certificates (>= 4.1.0)
      System.Text.Encoding (>= 4.0.11)
      System.Text.Encoding.Extensions (>= 4.0.11)
      System.Text.RegularExpressions (>= 4.1.0)
      System.Threading (>= 4.0.11)
      System.Threading.Tasks (>= 4.0.11)
      System.Threading.Timer (>= 4.0.1)
      System.Xml.ReaderWriter (>= 4.0.11)
      System.Xml.XDocument (>= 4.0.11)
    Newtonsoft.Json (9.0.1) - content: none
      Microsoft.CSharp (>= 4.0.1) - framework: net10, net11
      System.Collections (>= 4.0.11) - framework: net10, net11
      System.Diagnostics.Debug (>= 4.0.11) - framework: net10, net11
      System.Dynamic.Runtime (>= 4.0.11) - framework: net10, net11
      System.Globalization (>= 4.0.11) - framework: net10, net11
      System.IO (>= 4.1.0) - framework: net10, net11
      System.Linq (>= 4.1.0) - framework: net10, net11
      System.Linq.Expressions (>= 4.1.0) - framework: net10, net11
      System.ObjectModel (>= 4.0.12) - framework: net10, net11
      System.Reflection (>= 4.1.0) - framework: net10, net11
      System.Reflection.Extensions (>= 4.0.1) - framework: net10, net11
      System.Resources.ResourceManager (>= 4.0.1) - framework: net10, net11
      System.Runtime (>= 4.1.0) - framework: net10, net11
      System.Runtime.Extensions (>= 4.1.0) - framework: net10, net11
      System.Runtime.Serialization.Primitives (>= 4.1.1) - framework: net10, net11
      System.Text.Encoding (>= 4.0.11) - framework: net10, net11
      System.Text.Encoding.Extensions (>= 4.0.11) - framework: net10, net11
      System.Text.RegularExpressions (>= 4.1.0) - framework: net10, net11
      System.Threading (>= 4.0.11) - framework: net10, net11
      System.Threading.Tasks (>= 4.0.11) - framework: net10, net11
      System.Xml.ReaderWriter (>= 4.0.11) - framework: net10, net11
      System.Xml.XDocument (>= 4.0.11) - framework: net10, net11
    runtime.native.System (4.0.0) - content: none, framework: net10, net11, net20, net30, net35, net40, net40-full, net45, net451, net452, net453
      Microsoft.NETCore.Platforms (>= 1.0.1)
      Microsoft.NETCore.Targets (>= 1.0.1)
    runtime.native.System.IO.Compression (4.1.0) - content: none, framework: net10, net11, net20, net30, net35, net40, net40-full
      Microsoft.NETCore.Platforms (>= 1.0.1)
      Microsoft.NETCore.Targets (>= 1.0.1)
    runtime.native.System.Net.Http (4.0.1) - content: none, framework: net10, net11, net20, net30, net35, net40, net40-full, net45, net451, net452, net453
      Microsoft.NETCore.Platforms (>= 1.0.1)
      Microsoft.NETCore.Targets (>= 1.0.1)
    runtime.native.System.Security.Cryptography (4.0.0) - content: none, framework: net10, net11, net20, net30, net35, net40, net40-full, net45, net451, net452, net453
      Microsoft.NETCore.Platforms (>= 1.0.1)
      Microsoft.NETCore.Targets (>= 1.0.1)
    SourceLink.Fake (1.1.0) - content: none
    System.AppContext (4.1.0) - content: none
      System.Collections (>= 4.0.11) - framework: dnxcore50
      System.Resources.ResourceManager (>= 4.0.1) - framework: dnxcore50
      System.Runtime (>= 4.1.0) - framework: dnxcore50
      System.Threading (>= 4.0.11) - framework: dnxcore50
    System.Buffers (4.0.0) - content: none, framework: net10, net11, net20, net30, net35, net40, net40-full, net45, net451, net452, net453
      System.Diagnostics.Debug (>= 4.0.11) - framework: net10, net11, net20, net30, net35, net40, net40-full
      System.Diagnostics.Tracing (>= 4.1.0) - framework: net10, net11, net20, net30, net35, net40, net40-full
      System.Resources.ResourceManager (>= 4.0.1) - framework: net10, net11, net20, net30, net35, net40, net40-full
      System.Runtime (>= 4.1.0) - framework: net10, net11, net20, net30, net35, net40, net40-full
      System.Threading (>= 4.0.11) - framework: net10, net11, net20, net30, net35, net40, net40-full
    System.Collections (4.0.11) - content: none
    System.Collections.Concurrent (4.0.12) - content: none
      System.Collections (>= 4.0.11) - framework: dnxcore50
      System.Diagnostics.Debug (>= 4.0.11) - framework: dnxcore50
      System.Diagnostics.Tracing (>= 4.1.0) - framework: dnxcore50
      System.Globalization (>= 4.0.11) - framework: dnxcore50
      System.Reflection (>= 4.1.0) - framework: net10, net11, net20, net30, net35, net40, net40-full
      System.Resources.ResourceManager (>= 4.0.1) - framework: dnxcore50
      System.Runtime (>= 4.1.0) - framework: dnxcore50
      System.Runtime.Extensions (>= 4.1.0) - framework: dnxcore50
      System.Threading (>= 4.0.11) - framework: dnxcore50
      System.Threading.Tasks (>= 4.0.11) - framework: dnxcore50
    System.Console (4.0.0) - content: none
      Microsoft.NETCore.Platforms (>= 1.0.1) - framework: net10, net11, net20, net30, net35, net40, net40-full, net45, net451, net452, net453
      Microsoft.NETCore.Targets (>= 1.0.1) - framework: net10, net11, net20, net30, net35, net40, net40-full, net45, net451, net452, net453
      System.IO (>= 4.1.0) - framework: net10, net11, net20, net30, net35, net40, net40-full, net45, net451, net452, net453
      System.Runtime (>= 4.1.0) - framework: net10, net11, net20, net30, net35, net40, net40-full, net45, net451, net452, net453
      System.Text.Encoding (>= 4.0.11) - framework: net10, net11, net20, net30, net35, net40, net40-full, net45, net451, net452, net453
    System.Diagnostics.Contracts (4.0.1) - content: none, framework: dnxcore50
      System.Runtime (>= 4.1.0) - framework: dnxcore50
    System.Diagnostics.Debug (4.0.11) - content: none
    System.Diagnostics.DiagnosticSource (4.0.0) - content: none, framework: >= net46, dnxcore50
    System.Diagnostics.Tools (4.0.1) - content: none
      Microsoft.NETCore.Platforms (>= 1.0.1) - framework: dnxcore50
      Microsoft.NETCore.Targets (>= 1.0.1) - framework: dnxcore50
      System.Runtime (>= 4.1.0) - framework: dnxcore50
    System.Diagnostics.Tracing (4.1.0) - content: none
      Microsoft.NETCore.Platforms (>= 1.0.1) - framework: dnxcore50
      Microsoft.NETCore.Targets (>= 1.0.1) - framework: dnxcore50
      System.Runtime (>= 4.1.0) - framework: dnxcore50
    System.Dynamic.Runtime (4.0.11) - content: none, framework: net10, net11
      System.Reflection.Emit (>= 4.0.1) - framework: net10, net11, net20, net30, net35, net40, net40-full
      System.Reflection.Emit.ILGeneration (>= 4.0.1) - framework: net10, net11, net20, net30, net35, net40, net40-full
      System.Reflection.Primitives (>= 4.0.1) - framework: net10, net11, net20, net30, net35, net40, net40-full
    System.Globalization (4.0.11) - content: none
    System.Globalization.Calendars (4.0.1) - content: none
      Microsoft.NETCore.Platforms (>= 1.0.1) - framework: net10, net11, net20, net30, net35, net40, net40-full, net45, net451, net452, net453
      Microsoft.NETCore.Targets (>= 1.0.1) - framework: net10, net11, net20, net30, net35, net40, net40-full, net45, net451, net452, net453
      System.Globalization (>= 4.0.11) - framework: net10, net11, net20, net30, net35, net40, net40-full, net45, net451, net452, net453
      System.Runtime (>= 4.1.0) - framework: net10, net11, net20, net30, net35, net40, net40-full, net45, net451, net452, net453
    System.Globalization.Extensions (4.0.1) - content: none, framework: net10, net11, net20, net30, net35, net40, net40-full
      Microsoft.NETCore.Platforms (>= 1.0.1) - framework: net10, net11, net20, net30, net35, net40, net40-full, net45, net451, net452, net453
      System.Globalization (>= 4.0.11) - framework: net10, net11, net20, net30, net35, net40, net40-full, net45, net451, net452, net453
      System.Resources.ResourceManager (>= 4.0.1) - framework: net10, net11, net20, net30, net35, net40, net40-full, net45, net451, net452, net453
      System.Runtime (>= 4.1.0) - framework: net10, net11, net20, net30, net35, net40, net40-full, net45, net451, net452, net453
      System.Runtime.Extensions (>= 4.1.0) - framework: net10, net11, net20, net30, net35, net40, net40-full, net45, net451, net452, net453
      System.Runtime.InteropServices (>= 4.1.0) - framework: net10, net11, net20, net30, net35, net40, net40-full, net45, net451, net452, net453
    System.IO (4.1.0) - content: none
    System.IO.Compression (4.1.0) - content: none
      Microsoft.NETCore.Platforms (>= 1.0.1) - framework: net10, net11, net20, net30, net35, net40, net40-full
      runtime.native.System (>= 4.0.0) - framework: net10, net11, net20, net30, net35, net40, net40-full
      runtime.native.System.IO.Compression (>= 4.1.0) - framework: net10, net11, net20, net30, net35, net40, net40-full
      System.Collections (>= 4.0.11) - framework: net10, net11, net20, net30, net35, net40, net40-full
      System.Diagnostics.Debug (>= 4.0.11) - framework: net10, net11, net20, net30, net35, net40, net40-full
      System.IO (>= 4.1.0) - framework: dnxcore50
      System.Resources.ResourceManager (>= 4.0.1) - framework: net10, net11, net20, net30, net35, net40, net40-full
      System.Runtime (>= 4.1.0) - framework: dnxcore50
      System.Runtime.Extensions (>= 4.1.0) - framework: net10, net11, net20, net30, net35, net40, net40-full
      System.Runtime.Handles (>= 4.0.1) - framework: net10, net11, net20, net30, net35, net40, net40-full
      System.Runtime.InteropServices (>= 4.1.0) - framework: net10, net11, net20, net30, net35, net40, net40-full
      System.Text.Encoding (>= 4.0.11) - framework: dnxcore50
      System.Threading (>= 4.0.11) - framework: net10, net11, net20, net30, net35, net40, net40-full
      System.Threading.Tasks (>= 4.0.11) - framework: dnxcore50
    System.IO.Compression.ZipFile (4.0.1) - content: none
      System.Buffers (>= 4.0.0) - framework: net10, net11, net20, net30, net35, net40, net40-full, net45, net451, net452, net453
      System.IO (>= 4.1.0) - framework: net10, net11, net20, net30, net35, net40, net40-full, net45, net451, net452, net453
      System.IO.Compression (>= 4.1.0) - framework: net10, net11, net20, net30, net35, net40, net40-full, net45, net451, net452, net453
      System.IO.FileSystem (>= 4.0.1) - framework: net10, net11, net20, net30, net35, net40, net40-full, net45, net451, net452, net453
      System.IO.FileSystem.Primitives (>= 4.0.1) - framework: net10, net11, net20, net30, net35, net40, net40-full, net45, net451, net452, net453
      System.Resources.ResourceManager (>= 4.0.1) - framework: net10, net11, net20, net30, net35, net40, net40-full, net45, net451, net452, net453
      System.Runtime (>= 4.1.0) - framework: net10, net11, net20, net30, net35, net40, net40-full, net45, net451, net452, net453
      System.Runtime.Extensions (>= 4.1.0) - framework: net10, net11, net20, net30, net35, net40, net40-full, net45, net451, net452, net453
      System.Text.Encoding (>= 4.0.11) - framework: net10, net11, net20, net30, net35, net40, net40-full, net45, net451, net452, net453
    System.IO.FileSystem (4.0.1) - content: none
      Microsoft.NETCore.Platforms (>= 1.0.1) - framework: net10, net11, net20, net30, net35, net40, net40-full, net45, net451, net452, net453
      Microsoft.NETCore.Targets (>= 1.0.1) - framework: net10, net11, net20, net30, net35, net40, net40-full, net45, net451, net452, net453
      System.IO (>= 4.1.0) - framework: net10, net11, net20, net30, net35, net40, net40-full, net45, net451, net452, net453
      System.IO.FileSystem.Primitives (>= 4.0.1) - framework: >= net46
      System.Runtime (>= 4.1.0) - framework: net10, net11, net20, net30, net35, net40, net40-full, net45, net451, net452, net453
      System.Runtime.Handles (>= 4.0.1) - framework: net10, net11, net20, net30, net35, net40, net40-full, net45, net451, net452, net453
      System.Text.Encoding (>= 4.0.11) - framework: net10, net11, net20, net30, net35, net40, net40-full, net45, net451, net452, net453
      System.Threading.Tasks (>= 4.0.11) - framework: net10, net11, net20, net30, net35, net40, net40-full, net45, net451, net452, net453
    System.IO.FileSystem.Primitives (4.0.1) - content: none
      System.Runtime (>= 4.1.0) - framework: net10, net11, net20, net30, net35, net40, net40-full, net45, net451, net452, net453
    System.Linq (4.1.0) - content: none
    System.Linq.Expressions (4.1.0) - content: none
      System.Collections (>= 4.0.11) - framework: dnxcore50
      System.Diagnostics.Debug (>= 4.0.11) - framework: dnxcore50
      System.Globalization (>= 4.0.11) - framework: dnxcore50
      System.IO (>= 4.1.0) - framework: dnxcore50
      System.Linq (>= 4.1.0) - framework: dnxcore50
      System.ObjectModel (>= 4.0.12) - framework: net10, net11, net20, net30, net35, net40, net40-full
      System.Reflection (>= 4.1.0) - framework: dnxcore50
      System.Reflection.Emit (>= 4.0.1) - framework: net10, net11, net20, net30, net35, net40, net40-full
      System.Reflection.Emit.ILGeneration (>= 4.0.1) - framework: dnxcore50
      System.Reflection.Emit.Lightweight (>= 4.0.1) - framework: dnxcore50
      System.Reflection.Extensions (>= 4.0.1) - framework: dnxcore50
      System.Reflection.Primitives (>= 4.0.1) - framework: dnxcore50
      System.Reflection.TypeExtensions (>= 4.1.0) - framework: dnxcore50
      System.Resources.ResourceManager (>= 4.0.1) - framework: dnxcore50
      System.Runtime (>= 4.1.0) - framework: dnxcore50
      System.Runtime.Extensions (>= 4.1.0) - framework: dnxcore50
      System.Threading (>= 4.0.11) - framework: dnxcore50
    System.Linq.Queryable (4.0.1) - content: none
      System.Collections (>= 4.0.11) - framework: dnxcore50
      System.Diagnostics.Debug (>= 4.0.11) - framework: dnxcore50
      System.Linq (>= 4.1.0) - framework: dnxcore50
      System.Linq.Expressions (>= 4.1.0) - framework: dnxcore50
      System.Reflection (>= 4.1.0) - framework: dnxcore50
      System.Reflection.Extensions (>= 4.0.1) - framework: dnxcore50
      System.Resources.ResourceManager (>= 4.0.1) - framework: dnxcore50
      System.Runtime (>= 4.1.0) - framework: dnxcore50
    System.Net.Http (4.1.0) - content: none
      Microsoft.NETCore.Platforms (>= 1.0.1) - framework: dnxcore50
      Microsoft.Win32.Primitives (>= 4.0.1) - framework: >= net46
      runtime.native.System (>= 4.0.0) - framework: net10, net11, net20, net30, net35, net40, net40-full
      runtime.native.System.Net.Http (>= 4.0.1) - framework: net10, net11, net20, net30, net35, net40, net40-full
      runtime.native.System.Security.Cryptography (>= 4.0.0) - framework: net10, net11, net20, net30, net35, net40, net40-full
      System.Collections (>= 4.0.11) - framework: dnxcore50
      System.Diagnostics.Debug (>= 4.0.11) - framework: dnxcore50
      System.Diagnostics.DiagnosticSource (>= 4.0.0) - framework: >= net46, dnxcore50
      System.Diagnostics.Tracing (>= 4.1.0) - framework: dnxcore50
      System.Globalization (>= 4.0.11) - framework: dnxcore50
      System.Globalization.Extensions (>= 4.0.1) - framework: net10, net11, net20, net30, net35, net40, net40-full
      System.IO (>= 4.1.0) - framework: dnxcore50
      System.IO.Compression (>= 4.1.0) - framework: net10, net11, net20, net30, net35, net40, net40-full
      System.IO.FileSystem (>= 4.0.1) - framework: net10, net11, net20, net30, net35, net40, net40-full
      System.Net.Primitives (>= 4.0.11) - framework: dnxcore50
      System.Resources.ResourceManager (>= 4.0.1) - framework: dnxcore50
      System.Runtime (>= 4.1.0) - framework: dnxcore50
      System.Runtime.Extensions (>= 4.1.0) - framework: dnxcore50
      System.Runtime.Handles (>= 4.0.1) - framework: net10, net11, net20, net30, net35, net40, net40-full
      System.Runtime.InteropServices (>= 4.1.0) - framework: dnxcore50
      System.Runtime.WindowsRuntime (>= 4.0.11) - framework: dnxcore50
      System.Security.Cryptography.Algorithms (>= 4.2.0) - framework: net10, net11, net20, net30, net35, net40, net40-full
      System.Security.Cryptography.Encoding (>= 4.0.0) - framework: net10, net11, net20, net30, net35, net40, net40-full
      System.Security.Cryptography.OpenSsl (>= 4.0.0) - framework: net10, net11, net20, net30, net35, net40, net40-full
      System.Security.Cryptography.Primitives (>= 4.0.0) - framework: net10, net11, net20, net30, net35, net40, net40-full
      System.Security.Cryptography.X509Certificates (>= 4.1.0) - framework: >= net46, dnxcore50
      System.Text.Encoding (>= 4.0.11) - framework: dnxcore50
      System.Text.Encoding.Extensions (>= 4.0.11) - framework: dnxcore50
      System.Threading (>= 4.0.11) - framework: dnxcore50
      System.Threading.Tasks (>= 4.0.11) - framework: dnxcore50
    System.Net.Primitives (4.0.11) - content: none
      Microsoft.NETCore.Platforms (>= 1.0.1) - framework: dnxcore50
      Microsoft.NETCore.Targets (>= 1.0.1) - framework: dnxcore50
      System.Runtime (>= 4.1.0) - framework: dnxcore50
      System.Runtime.Handles (>= 4.0.1) - framework: dnxcore50
    System.Net.Requests (4.0.11) - content: none
      Microsoft.NETCore.Platforms (>= 1.0.1) - framework: net10, net11, net20, net30, net35, net40, net40-full
      System.Collections (>= 4.0.11) - framework: net10, net11, net20, net30, net35, net40, net40-full
      System.Diagnostics.Debug (>= 4.0.11) - framework: net10, net11, net20, net30, net35, net40, net40-full
      System.Diagnostics.Tracing (>= 4.1.0) - framework: net10, net11, net20, net30, net35, net40, net40-full
      System.Globalization (>= 4.0.11) - framework: net10, net11, net20, net30, net35, net40, net40-full
      System.IO (>= 4.1.0) - framework: dnxcore50
      System.Net.Http (>= 4.1.0) - framework: net10, net11, net20, net30, net35, net40, net40-full
      System.Net.Primitives (>= 4.0.11) - framework: dnxcore50
      System.Net.WebHeaderCollection (>= 4.0.1) - framework: dnxcore50
      System.Resources.ResourceManager (>= 4.0.1) - framework: net10, net11, net20, net30, net35, net40, net40-full
      System.Runtime (>= 4.1.0) - framework: dnxcore50
      System.Threading (>= 4.0.11) - framework: net10, net11, net20, net30, net35, net40, net40-full
      System.Threading.Tasks (>= 4.0.11) - framework: dnxcore50
    System.Net.Sockets (4.1.0) - content: none
      Microsoft.NETCore.Platforms (>= 1.0.1) - framework: net10, net11, net20, net30, net35, net40, net40-full, net45, net451, net452, net453
      Microsoft.NETCore.Targets (>= 1.0.1) - framework: net10, net11, net20, net30, net35, net40, net40-full, net45, net451, net452, net453
      System.IO (>= 4.1.0) - framework: net10, net11, net20, net30, net35, net40, net40-full, net45, net451, net452, net453
      System.Net.Primitives (>= 4.0.11) - framework: net10, net11, net20, net30, net35, net40, net40-full, net45, net451, net452, net453
      System.Runtime (>= 4.1.0) - framework: net10, net11, net20, net30, net35, net40, net40-full, net45, net451, net452, net453
      System.Threading.Tasks (>= 4.0.11) - framework: net10, net11, net20, net30, net35, net40, net40-full, net45, net451, net452, net453
    System.Net.WebHeaderCollection (4.0.1) - content: none, framework: dnxcore50
    System.ObjectModel (4.0.12) - content: none
    System.Reflection (4.1.0) - content: none
    System.Reflection.Emit (4.0.1) - content: none
      System.IO (>= 4.1.0) - framework: net10, net11, net20, net30, net35, net40, net40-full
      System.Reflection (>= 4.1.0) - framework: net10, net11, net20, net30, net35, net40, net40-full
      System.Reflection.Emit.ILGeneration (>= 4.0.1) - framework: monotouch, xamarinios
      System.Reflection.Primitives (>= 4.0.1) - framework: net10, net11, net20, net30, net35, net40, net40-full
      System.Runtime (>= 4.1.0) - framework: net10, net11, net20, net30, net35, net40, net40-full
    System.Reflection.Emit.ILGeneration (4.0.1) - content: none, framework: net10, net11, dnxcore50, monotouch, xamarinios
      System.Reflection (>= 4.1.0) - framework: net10, net11, net20, net30, net35, net40, net40-full
      System.Reflection.Primitives (>= 4.0.1) - framework: net10, net11, net20, net30, net35, net40, net40-full
      System.Runtime (>= 4.1.0) - framework: net10, net11, net20, net30, net35, net40, net40-full
    System.Reflection.Emit.Lightweight (4.0.1) - content: none, framework: dnxcore50
    System.Reflection.Extensions (4.0.1) - content: none
    System.Reflection.Primitives (4.0.1) - content: none
      Microsoft.NETCore.Platforms (>= 1.0.1) - framework: dnxcore50
      Microsoft.NETCore.Targets (>= 1.0.1) - framework: dnxcore50
      System.Runtime (>= 4.1.0) - framework: dnxcore50
    System.Reflection.TypeExtensions (4.1.0) - content: none
      System.Diagnostics.Contracts (>= 4.0.1) - framework: dnxcore50
      System.Diagnostics.Debug (>= 4.0.11) - framework: dnxcore50
      System.Linq (>= 4.1.0) - framework: dnxcore50
      System.Reflection (>= 4.1.0) - framework: dnxcore50
      System.Reflection.Primitives (>= 4.0.1) - framework: dnxcore50
      System.Resources.ResourceManager (>= 4.0.1) - framework: dnxcore50
      System.Runtime (>= 4.1.0) - framework: dnxcore50
      System.Runtime.Extensions (>= 4.1.0) - framework: dnxcore50
    System.Resources.ResourceManager (4.0.1) - content: none
    System.Runtime (4.1.0) - content: none
    System.Runtime.Extensions (4.1.0) - content: none
    System.Runtime.Handles (4.0.1) - content: none
      Microsoft.NETCore.Platforms (>= 1.0.1) - framework: net10, net11, net20, net30, net35, net40, net40-full, net45, net451, net452, net453
      Microsoft.NETCore.Targets (>= 1.0.1) - framework: net10, net11, net20, net30, net35, net40, net40-full, net45, net451, net452, net453
      System.Runtime (>= 4.1.0) - framework: net10, net11, net20, net30, net35, net40, net40-full, net45, net451, net452, net453
    System.Runtime.InteropServices (4.1.0) - content: none
      Microsoft.NETCore.Platforms (>= 1.0.1) - framework: dnxcore50
      Microsoft.NETCore.Targets (>= 1.0.1) - framework: dnxcore50
      System.Reflection (>= 4.1.0) - framework: dnxcore50
      System.Reflection.Primitives (>= 4.0.1) - framework: dnxcore50
      System.Runtime (>= 4.1.0) - framework: dnxcore50
      System.Runtime.Handles (>= 4.0.1) - framework: dnxcore50
    System.Runtime.InteropServices.RuntimeInformation (4.0.0) - content: none
      Microsoft.NETCore.Platforms (>= 1.0.1) - framework: dnxcore50
      runtime.native.System (>= 4.0.0) - framework: net10, net11, net20, net30, net35, net40, net40-full
      System.Reflection (>= 4.1.0) - framework: dnxcore50
      System.Resources.ResourceManager (>= 4.0.1) - framework: dnxcore50
      System.Runtime (>= 4.1.0) - framework: dnxcore50
      System.Runtime.InteropServices (>= 4.1.0) - framework: net10, net11, net20, net30, net35, net40, net40-full
      System.Threading (>= 4.0.11) - framework: dnxcore50
    System.Runtime.Loader (4.0.0) - content: none
      System.IO (>= 4.1.0)
      System.Reflection (>= 4.1.0)
      System.Runtime (>= 4.1.0)
    System.Runtime.Numerics (4.0.1) - content: none
      System.Globalization (>= 4.0.11) - framework: dnxcore50
      System.Resources.ResourceManager (>= 4.0.1) - framework: dnxcore50
      System.Runtime (>= 4.1.0) - framework: dnxcore50
      System.Runtime.Extensions (>= 4.1.0) - framework: dnxcore50
    System.Runtime.Serialization.Primitives (4.1.1) - content: none, framework: net10, net11
    System.Runtime.WindowsRuntime (4.0.11) - content: none, framework: dnxcore50
      Microsoft.NETCore.Platforms (>= 1.0.1) - framework: dnxcore50
      System.Diagnostics.Debug (>= 4.0.11) - framework: dnxcore50
      System.Globalization (>= 4.0.11) - framework: dnxcore50
      System.IO (>= 4.1.0) - framework: dnxcore50
      System.ObjectModel (>= 4.0.12)
      System.Resources.ResourceManager (>= 4.0.1) - framework: dnxcore50
      System.Runtime (>= 4.1.0) - framework: dnxcore50
      System.Runtime.Extensions (>= 4.1.0) - framework: dnxcore50
      System.Runtime.InteropServices (>= 4.1.0) - framework: dnxcore50
      System.Threading (>= 4.0.11) - framework: dnxcore50
      System.Threading.Tasks (>= 4.0.11) - framework: dnxcore50
    System.Security.Cryptography.Algorithms (4.2.0) - content: none
      Microsoft.NETCore.Platforms (>= 1.0.1) - framework: dnxcore50
      runtime.native.System.Security.Cryptography (>= 4.0.0) - framework: net10, net11, net20, net30, net35, net40, net40-full, net45, net451, net452, net453
      System.Collections (>= 4.0.11) - framework: net10, net11, net20, net30, net35, net40, net40-full, net45, net451, net452, net453
      System.IO (>= 4.1.0) - framework: dnxcore50
      System.Resources.ResourceManager (>= 4.0.1) - framework: dnxcore50
      System.Runtime (>= 4.1.0) - framework: dnxcore50
      System.Runtime.Extensions (>= 4.1.0) - framework: dnxcore50
      System.Runtime.Handles (>= 4.0.1) - framework: dnxcore50
      System.Runtime.InteropServices (>= 4.1.0) - framework: dnxcore50
      System.Runtime.Numerics (>= 4.0.1) - framework: net10, net11, net20, net30, net35, net40, net40-full, net45, net451, net452, net453
      System.Security.Cryptography.Encoding (>= 4.0.0) - framework: dnxcore50
      System.Security.Cryptography.Primitives (>= 4.0.0) - framework: >= net46, dnxcore50
      System.Text.Encoding (>= 4.0.11) - framework: dnxcore50
    System.Security.Cryptography.Cng (4.2.0) - content: none, framework: dnxcore50
      System.Security.Cryptography.Algorithms (>= 4.2.0)
      System.Security.Cryptography.Primitives (>= 4.0.0)
    System.Security.Cryptography.Csp (4.0.0) - content: none, framework: net10, net11, net20, net30, net35, net40, net40-full, net45, net451, net452, net453
      Microsoft.NETCore.Platforms (>= 1.0.1) - framework: net10, net11, net20, net30, net35, net40, net40-full, net45, net451, net452, net453
      System.IO (>= 4.1.0) - framework: net10, net11, net20, net30, net35, net40, net40-full, net45, net451, net452, net453
      System.Reflection (>= 4.1.0) - framework: net10, net11, net20, net30, net35, net40, net40-full, net45, net451, net452, net453
      System.Resources.ResourceManager (>= 4.0.1) - framework: net10, net11, net20, net30, net35, net40, net40-full, net45, net451, net452, net453
      System.Runtime (>= 4.1.0) - framework: net10, net11, net20, net30, net35, net40, net40-full, net45, net451, net452, net453
      System.Runtime.Extensions (>= 4.1.0) - framework: net10, net11, net20, net30, net35, net40, net40-full, net45, net451, net452, net453
      System.Runtime.Handles (>= 4.0.1) - framework: net10, net11, net20, net30, net35, net40, net40-full, net45, net451, net452, net453
      System.Runtime.InteropServices (>= 4.1.0) - framework: net10, net11, net20, net30, net35, net40, net40-full, net45, net451, net452, net453
      System.Security.Cryptography.Encoding (>= 4.0.0) - framework: net10, net11, net20, net30, net35, net40, net40-full, net45, net451, net452, net453
      System.Text.Encoding (>= 4.0.11) - framework: net10, net11, net20, net30, net35, net40, net40-full, net45, net451, net452, net453
      System.Threading (>= 4.0.11) - framework: net10, net11, net20, net30, net35, net40, net40-full, net45, net451, net452, net453
    System.Security.Cryptography.Encoding (4.0.0) - content: none
      Microsoft.NETCore.Platforms (>= 1.0.1) - framework: net10, net11, net20, net30, net35, net40, net40-full, net45, net451, net452, net453
      runtime.native.System.Security.Cryptography (>= 4.0.0) - framework: net10, net11, net20, net30, net35, net40, net40-full, net45, net451, net452, net453
      System.Collections (>= 4.0.11) - framework: net10, net11, net20, net30, net35, net40, net40-full, net45, net451, net452, net453
      System.Collections.Concurrent (>= 4.0.12) - framework: net10, net11, net20, net30, net35, net40, net40-full, net45, net451, net452, net453
      System.Linq (>= 4.1.0) - framework: net10, net11, net20, net30, net35, net40, net40-full, net45, net451, net452, net453
      System.Resources.ResourceManager (>= 4.0.1) - framework: net10, net11, net20, net30, net35, net40, net40-full, net45, net451, net452, net453
      System.Runtime (>= 4.1.0) - framework: net10, net11, net20, net30, net35, net40, net40-full, net45, net451, net452, net453
      System.Runtime.Extensions (>= 4.1.0) - framework: net10, net11, net20, net30, net35, net40, net40-full, net45, net451, net452, net453
      System.Runtime.Handles (>= 4.0.1) - framework: net10, net11, net20, net30, net35, net40, net40-full, net45, net451, net452, net453
      System.Runtime.InteropServices (>= 4.1.0) - framework: net10, net11, net20, net30, net35, net40, net40-full, net45, net451, net452, net453
      System.Security.Cryptography.Primitives (>= 4.0.0) - framework: net10, net11, net20, net30, net35, net40, net40-full, net45, net451, net452, net453
      System.Text.Encoding (>= 4.0.11) - framework: net10, net11, net20, net30, net35, net40, net40-full, net45, net451, net452, net453
    System.Security.Cryptography.OpenSsl (4.0.0) - content: none, framework: net10, net11, net20, net30, net35, net40, net40-full, net45, net451, net452, net453
      runtime.native.System.Security.Cryptography (>= 4.0.0)
      System.Collections (>= 4.0.11)
      System.IO (>= 4.1.0)
      System.Resources.ResourceManager (>= 4.0.1)
      System.Runtime (>= 4.1.0)
      System.Runtime.Extensions (>= 4.1.0)
      System.Runtime.Handles (>= 4.0.1)
      System.Runtime.InteropServices (>= 4.1.0)
      System.Runtime.Numerics (>= 4.0.1)
      System.Security.Cryptography.Algorithms (>= 4.2.0)
      System.Security.Cryptography.Encoding (>= 4.0.0)
      System.Security.Cryptography.Primitives (>= 4.0.0)
      System.Text.Encoding (>= 4.0.11)
    System.Security.Cryptography.Primitives (4.0.0) - content: none
      System.Diagnostics.Debug (>= 4.0.11) - framework: net10, net11, net20, net30, net35, net40, net40-full, net45, net451, net452, net453
      System.Globalization (>= 4.0.11) - framework: net10, net11, net20, net30, net35, net40, net40-full, net45, net451, net452, net453
      System.IO (>= 4.1.0) - framework: net10, net11, net20, net30, net35, net40, net40-full, net45, net451, net452, net453
      System.Resources.ResourceManager (>= 4.0.1) - framework: net10, net11, net20, net30, net35, net40, net40-full, net45, net451, net452, net453
      System.Runtime (>= 4.1.0) - framework: net10, net11, net20, net30, net35, net40, net40-full, net45, net451, net452, net453
      System.Threading (>= 4.0.11) - framework: net10, net11, net20, net30, net35, net40, net40-full, net45, net451, net452, net453
      System.Threading.Tasks (>= 4.0.11) - framework: net10, net11, net20, net30, net35, net40, net40-full, net45, net451, net452, net453
    System.Security.Cryptography.X509Certificates (4.1.0) - content: none
      Microsoft.NETCore.Platforms (>= 1.0.1) - framework: dnxcore50
      runtime.native.System (>= 4.0.0) - framework: net10, net11, net20, net30, net35, net40, net40-full, net45, net451, net452, net453
      runtime.native.System.Net.Http (>= 4.0.1) - framework: net10, net11, net20, net30, net35, net40, net40-full, net45, net451, net452, net453
      runtime.native.System.Security.Cryptography (>= 4.0.0) - framework: net10, net11, net20, net30, net35, net40, net40-full, net45, net451, net452, net453
      System.Collections (>= 4.0.11) - framework: dnxcore50
      System.Diagnostics.Debug (>= 4.0.11) - framework: net10, net11, net20, net30, net35, net40, net40-full, net45, net451, net452, net453
      System.Globalization (>= 4.0.11) - framework: dnxcore50
      System.Globalization.Calendars (>= 4.0.1) - framework: dnxcore50
      System.IO (>= 4.1.0) - framework: dnxcore50
      System.IO.FileSystem (>= 4.0.1) - framework: dnxcore50
      System.IO.FileSystem.Primitives (>= 4.0.1) - framework: net10, net11, net20, net30, net35, net40, net40-full, net45, net451, net452, net453
      System.Resources.ResourceManager (>= 4.0.1) - framework: dnxcore50
      System.Runtime (>= 4.1.0) - framework: dnxcore50
      System.Runtime.Extensions (>= 4.1.0) - framework: dnxcore50
      System.Runtime.Handles (>= 4.0.1) - framework: dnxcore50
      System.Runtime.InteropServices (>= 4.1.0) - framework: dnxcore50
      System.Runtime.Numerics (>= 4.0.1) - framework: dnxcore50
      System.Security.Cryptography.Algorithms (>= 4.2.0) - framework: >= net46, dnxcore50
      System.Security.Cryptography.Cng (>= 4.2.0) - framework: dnxcore50
      System.Security.Cryptography.Csp (>= 4.0.0) - framework: net10, net11, net20, net30, net35, net40, net40-full, net45, net451, net452, net453
      System.Security.Cryptography.Encoding (>= 4.0.0) - framework: >= net46, dnxcore50
      System.Security.Cryptography.OpenSsl (>= 4.0.0) - framework: net10, net11, net20, net30, net35, net40, net40-full, net45, net451, net452, net453
      System.Security.Cryptography.Primitives (>= 4.0.0) - framework: dnxcore50
      System.Text.Encoding (>= 4.0.11) - framework: dnxcore50
      System.Threading (>= 4.0.11) - framework: dnxcore50
    System.Text.Encoding (4.0.11) - content: none
    System.Text.Encoding.Extensions (4.0.11) - content: none
    System.Text.RegularExpressions (4.1.0) - content: none
    System.Threading (4.0.11) - content: none
    System.Threading.Tasks (4.0.11) - content: none
    System.Threading.Tasks.Parallel (4.0.1) - content: none
      System.Collections.Concurrent (>= 4.0.12) - framework: dnxcore50
      System.Diagnostics.Debug (>= 4.0.11) - framework: dnxcore50
      System.Diagnostics.Tracing (>= 4.1.0) - framework: dnxcore50
      System.Resources.ResourceManager (>= 4.0.1) - framework: dnxcore50
      System.Runtime (>= 4.1.0) - framework: dnxcore50
      System.Runtime.Extensions (>= 4.1.0) - framework: dnxcore50
      System.Threading (>= 4.0.11) - framework: dnxcore50
      System.Threading.Tasks (>= 4.0.11) - framework: dnxcore50
    System.Threading.Thread (4.0.0) - content: none
      System.Runtime (>= 4.1.0) - framework: net10, net11, net20, net30, net35, net40, net40-full, net45, net451, net452, net453
    System.Threading.ThreadPool (4.0.10) - content: none
      System.Runtime (>= 4.1.0) - framework: net10, net11, net20, net30, net35, net40, net40-full, net45, net451, net452, net453
      System.Runtime.Handles (>= 4.0.1) - framework: net10, net11, net20, net30, net35, net40, net40-full, net45, net451, net452, net453
    System.Threading.Timer (4.0.1) - content: none
      Microsoft.NETCore.Platforms (>= 1.0.1) - framework: dnxcore50
      Microsoft.NETCore.Targets (>= 1.0.1) - framework: dnxcore50
      System.Runtime (>= 4.1.0) - framework: dnxcore50
    System.Xml.ReaderWriter (4.0.11) - content: none
    System.Xml.XDocument (4.0.11) - content: none
  remote: https://vrvis.myget.org/F/aardvark_public
  specs:
    Paket.Core.Temp (2.52.16) - content: none
      Chessie
      FSharp.Core
      Newtonsoft.Json
GITHUB
  remote: vrvis/Aardvark.Fake
  specs:
    FULLPROJECT (eb782182b4f3b4f468ca18a7dc79239912de012a)
      FAKE (>= 4.17.0 < 4.18.0)
      Mono.Cecil (>= 0.9.5.4 < 0.9.6.0)
      Paket.Core.Temp (>= 2.52.10 < 2.53.0)
      SourceLink.Fake (>= 1.1.0 < 1.2.0)